GEM
  remote: https://rubygems.org/
  specs:
    aws-sdk (2.11.170)
      aws-sdk-resources (= 2.11.170)
    aws-sdk-core (2.11.170)
      aws-sigv4 (~> 1.0)
      jmespath (~> 1.0)
    aws-sdk-resources (2.11.170)
      aws-sdk-core (= 2.11.170)
    aws-sigv4 (1.0.3)
    climate_control (0.2.0)
    coderay (1.1.2)
    colorize (0.8.1)
    diff-lcs (1.3)
    diffy (3.2.1)
    docile (1.3.1)
    erubis (2.7.0)
    jmespath (1.4.0)
    json (2.1.0)
    method_source (0.9.0)
    netaddr (2.0.3)
    pry (0.11.3)
      coderay (~> 1.1.0)
      method_source (~> 0.9.0)
    rake (12.3.1)
    rspec-core (3.8.0)
      rspec-support (~> 3.8.0)
    rspec-expectations (3.8.2)
      diff-lcs (>= 1.2.0, < 2.0)
      rspec-support (~> 3.8.0)
    rspec-mocks (3.8.0)
      diff-lcs (>= 1.2.0, < 2.0)
      rspec-support (~> 3.8.0)
    rspec-support (3.8.0)
    simplecov (0.16.1)
      docile (~> 1.1)
      json (>= 1.8, < 3)
      simplecov-html (~> 0.10.0)
    simplecov-html (0.10.2)

PLATFORMS
  ruby

DEPENDENCIES
  aws-sdk (~> 2.11.159)
  climate_control (~> 0.2.0)
  colorize (~> 0.8.1)
  diffy (~> 3.2.1)
  erubis (~> 2.7.0)
  netaddr (~> 2.0.3)
  pry (~> 0.11.3)
  rake (~> 12.3.1)
  rspec-core (~> 3.8.0)
  rspec-expectations (~> 3.8.2)
  rspec-mocks (~> 3.8.0)
  simplecov

BUNDLED WITH
   1.17.1
