GEM
  remote: https://rubygems.org/
  specs:
    aws-eventstream (1.1.1)
    aws-sdk (2.11.180)
      aws-sdk-resources (= 2.11.180)
    aws-sdk-core (2.11.180)
      aws-sigv4 (~> 1.0)
      jmespath (~> 1.0)
    aws-sdk-resources (2.11.180)
      aws-sdk-core (= 2.11.180)
    aws-sigv4 (1.2.4)
      aws-eventstream (~> 1, >= 1.0.2)
    climate_control (1.0.1)
    coderay (1.1.3)
    colorize (0.8.1)
    concurrent-ruby (1.1.9)
    diff-lcs (1.4.4)
    diffy (3.4.1)
    docile (1.4.0)
    erubis (2.7.0)
    jmespath (1.4.0)
    method_source (1.0.0)
    netaddr (2.0.4)
    pry (0.14.1)
      coderay (~> 1.1)
      method_source (~> 1.0)
    rake (13.0.6)
    rspec-core (3.10.1)
      rspec-support (~> 3.10.0)
    rspec-expectations (3.10.1)
      diff-lcs (>= 1.2.0, < 2.0)
      rspec-support (~> 3.10.0)
    rspec-mocks (3.10.2)
      diff-lcs (>= 1.2.0, < 2.0)
      rspec-support (~> 3.10.0)
    rspec-support (3.10.2)
    simplecov (0.21.2)
      docile (~> 1.1)
      simplecov-html (~> 0.11)
      simplecov_json_formatter (~> 0.1)
    simplecov-html (0.12.3)
    simplecov_json_formatter (0.1.3)

PLATFORMS
  ruby

DEPENDENCIES
  aws-sdk (~> 2.11.180)
  aws-sigv4 (~> 1.2.4)
  climate_control (~> 1.0.1)
  colorize (~> 0.8.1)
  concurrent-ruby (~> 1.1.9)
  diffy (~> 3.4.1)
  erubis (~> 2.7.0)
  netaddr (~> 2.0.4)
  pry
  rake (~> 13.0.6)
  rspec-core (~> 3.10.1)
  rspec-expectations (~> 3.10.1)
  rspec-mocks (~> 3.10.2)
  simplecov

BUNDLED WITH
   2.2.24
