GEM
  remote: https://rubygems.org/
  specs:
    activesupport (4.2.0)
      i18n (~> 0.7)
      json (~> 1.7, >= 1.7.7)
      minitest (~> 5.1)
      thread_safe (~> 0.3, >= 0.3.4)
      tzinfo (~> 1.1)
    aws-sdk (2.1.18)
      aws-sdk-resources (= 2.1.18)
    aws-sdk-core (2.1.18)
      jmespath (~> 1.0)
    aws-sdk-resources (2.1.18)
      aws-sdk-core (= 2.1.18)
    climate_control (0.0.3)
      activesupport (>= 3.0)
    coderay (1.1.0)
    diff-lcs (1.2.5)
    diffy (3.0.7)
    docile (1.1.5)
    erubis (2.7.0)
    i18n (0.7.0)
    jmespath (1.0.2)
      multi_json (~> 1.0)
    json (1.8.2)
    method_source (0.8.2)
    minitest (5.5.1)
    multi_json (1.11.2)
    pry (0.10.1)
      coderay (~> 1.1.0)
      method_source (~> 0.8.1)
      slop (~> 3.4)
    rake (10.4.2)
    rspec-core (3.3.1)
      rspec-support (~> 3.3.0)
    rspec-expectations (3.3.0)
      diff-lcs (>= 1.2.0, < 2.0)
      rspec-support (~> 3.3.0)
    rspec-mocks (3.3.1)
      diff-lcs (>= 1.2.0, < 2.0)
      rspec-support (~> 3.3.0)
    rspec-support (3.3.0)
    simplecov (0.9.2)
      docile (~> 1.1.0)
      multi_json (~> 1.0)
      simplecov-html (~> 0.9.0)
    simplecov-html (0.9.0)
    slop (3.6.0)
    thread_safe (0.3.4)
    tzinfo (1.2.2)
      thread_safe (~> 0.1)

PLATFORMS
  ruby

DEPENDENCIES
  aws-sdk (~> 2.1.18)
  climate_control
  diffy (~> 3.0.7)
  erubis (~> 2.7.0)
  pry
  rake (~> 10.4.2)
  rspec-core (~> 3.3.0)
  rspec-expectations (~> 3.3.0)
  rspec-mocks (~> 3.3.0)
  simplecov
