GEM
  remote: https://rubygems.org/
  specs:
    ast (2.4.2)
    aws-eventstream (1.1.1)
    aws-sdk (2.11.180)
      aws-sdk-resources (= 2.11.180)
    aws-sdk-core (2.11.180)
      aws-sigv4 (~> 1.0)
      jmespath (~> 1.0)
    aws-sdk-resources (2.11.180)
      aws-sdk-core (= 2.11.180)
    aws-sigv4 (1.2.4)
      aws-eventstream (~> 1, >= 1.0.2)
    climate_control (1.0.1)
    coderay (1.1.3)
    colorize (0.8.1)
    concurrent-ruby (1.1.9)
    diff-lcs (1.4.4)
    diffy (3.4.0)
    docile (1.4.0)
    erubis (2.7.0)
    jmespath (1.4.0)
    method_source (1.0.0)
    netaddr (2.0.4)
    parallel (1.20.1)
    parser (3.0.2.0)
      ast (~> 2.4.1)
    pry (0.14.1)
      coderay (~> 1.1)
      method_source (~> 1.0)
    rainbow (3.0.0)
    rake (13.0.6)
    regexp_parser (2.1.1)
    rexml (3.2.5)
    rspec-core (3.10.1)
      rspec-support (~> 3.10.0)
    rspec-expectations (3.10.1)
      diff-lcs (>= 1.2.0, < 2.0)
      rspec-support (~> 3.10.0)
    rspec-mocks (3.10.2)
      diff-lcs (>= 1.2.0, < 2.0)
      rspec-support (~> 3.10.0)
    rspec-support (3.10.2)
    rubocop (1.18.4)
      parallel (~> 1.10)
      parser (>= 3.0.0.0)
      rainbow (>= 2.2.2, < 4.0)
      regexp_parser (>= 1.8, < 3.0)
      rexml
      rubocop-ast (>= 1.8.0, < 2.0)
      ruby-progressbar (~> 1.7)
      unicode-display_width (>= 1.4.0, < 3.0)
    rubocop-ast (1.8.0)
      parser (>= 3.0.1.1)
    ruby-progressbar (1.11.0)
    simplecov (0.21.2)
      docile (~> 1.1)
      simplecov-html (~> 0.11)
      simplecov_json_formatter (~> 0.1)
    simplecov-html (0.12.3)
    simplecov_json_formatter (0.1.3)
    unicode-display_width (2.0.0)

PLATFORMS
  ruby

DEPENDENCIES
  aws-sdk (~> 2.11.180)
  aws-sigv4 (~> 1.2.4)
  climate_control (~> 1.0.1)
  colorize (~> 0.8.1)
  concurrent-ruby (~> 1.1.9)
  diffy (~> 3.4.0)
  erubis (~> 2.7.0)
  netaddr (~> 2.0.4)
  pry
  rake (~> 13.0.6)
  rspec-core (~> 3.10.1)
  rspec-expectations (~> 3.10.1)
  rspec-mocks (~> 3.10.2)
  rubocop
  simplecov

BUNDLED WITH
   2.2.24
